PATH
  remote: .
  specs:
    sprockets-cache-riak (0.0.1)

GEM
  remote: http://rubygems.org/
  specs:

PLATFORMS
  ruby

DEPENDENCIES
  sprockets-cache-riak!
